GIT
  remote: https://github.com/acook/remedy
  revision: 5591257c7cc49b71324b32357183ffb87b733082
  specs:
    remedy (0.2.0)

GIT
  remote: https://github.com/miketierney/artii
  revision: f02e459687056608ad2f9d1c58ed5e239f5d3cd1
  specs:
    artii (2.1.2)

GIT
  remote: https://github.com/threedaymonk/text
  revision: 43e6e315d6c314ce452e5409dd37a716b72b46be
  specs:
    text (1.3.1)

GEM
  remote: https://rubygems.org/
  specs:
    activemodel (5.2.4.3)
      activesupport (= 5.2.4.3)
    activerecord (5.2.4.3)
      activemodel (= 5.2.4.3)
      activesupport (= 5.2.4.3)
      arel (>= 9.0)
    activesupport (5.2.4.3)
      concurrent-ruby (~> 1.0, >= 1.0.2)
      i18n (>= 0.7, < 2)
      minitest (~> 5.1)
      tzinfo (~> 1.1)
    arel (9.0.0)
    coderay (1.1.3)
    concurrent-ruby (1.1.6)
    equatable (0.6.1)
    i18n (1.8.3)
      concurrent-ruby (~> 1.0)
    method_source (1.0.0)
    minitest (5.14.1)
    mustermann (1.1.1)
      ruby2_keywords (~> 0.0.1)
    necromancer (0.5.1)
    pastel (0.7.4)
      equatable (~> 0.6)
      tty-color (~> 0.5)
    pry (0.13.1)
      coderay (~> 1.1)
      method_source (~> 1.0)
    rack (2.2.2)
    rack-protection (2.0.8.1)
      rack
    rake (13.0.1)
    require_all (3.0.0)
    ruby2_keywords (0.0.2)
    sinatra (2.0.8.1)
      mustermann (~> 1.0)
      rack (~> 2.0)
      rack-protection (= 2.0.8.1)
      tilt (~> 2.0)
    sinatra-activerecord (2.0.18)
      activerecord (>= 4.1)
      sinatra (>= 1.0)
    sqlite3 (1.4.2)
    thread_safe (0.3.6)
    tilt (2.0.10)
    tty-color (0.5.1)
    tty-cursor (0.7.1)
    tty-prompt (0.21.0)
      necromancer (~> 0.5.0)
      pastel (~> 0.7.0)
      tty-reader (~> 0.7.0)
    tty-reader (0.7.0)
      tty-cursor (~> 0.7)
      tty-screen (~> 0.7)
      wisper (~> 2.0.0)
    tty-screen (0.8.0)
    tzinfo (1.2.7)
      thread_safe (~> 0.1)
    wisper (2.0.1)

PLATFORMS
  ruby

DEPENDENCIES
  activerecord (~> 5.2)
  artii!
  pry
  rake
  remedy!
  require_all
  sinatra-activerecord
  sqlite3
  text!
  tty-prompt

BUNDLED WITH
   2.1.4
